STORAGE: NONE
RESTRICTION: || (== net472) (== net8.0) (== net9.0) (== netstandard2.0)
NUGET
  remote: https://api.nuget.org/v3/index.json
    Aardvark.Build (2.0.3)
    DotNet.Glob (3.1.3)
      NETStandard.Library (>= 1.6.1) - restriction: || (&& (== net472) (== net8.0)) (&& (== net472) (== net9.0)) (&& (== net472) (< net40)) (&& (== net8.0) (< netcoreapp2.1) (< netstandard2.1)) (&& (== net9.0) (< netcoreapp2.1) (< netstandard2.1)) (== netstandard2.0)
    FSharp.Compiler.Service (43.8.400)
      FSharp.Core (8.0.400)
      System.Buffers (>= 4.5.1)
      System.Collections.Immutable (>= 8.0)
      System.Diagnostics.DiagnosticSource (>= 8.0)
      System.Memory (>= 4.5.5)
      System.Reflection.Emit (>= 4.7)
      System.Reflection.Metadata (>= 8.0)
      System.Runtime.CompilerServices.Unsafe (>= 6.0)
    FSharp.Core (8.0.400)
    FSharp.Data.Adaptive (1.2.18)
      FSharp.Core (>= 4.7)
      System.Reflection.Emit.Lightweight (>= 4.6)
    FsUnit (5.6.1)
      FSharp.Core (>= 5.0.2)
      NUnit (>= 3.14 < 4.0)
    Ionide.ProjInfo (0.68)
      FSharp.Core (>= 6.0) - restriction: || (&& (== net472) (>= net8.0)) (== net8.0) (== net9.0) (&& (== netstandard2.0) (>= net8.0))
      Ionide.ProjInfo.Sln (>= 0.68) - restriction: || (&& (== net472) (>= net8.0)) (== net8.0) (== net9.0) (&& (== netstandard2.0) (>= net8.0))
      SemanticVersioning (>= 2.0.2) - restriction: || (&& (== net472) (>= net8.0)) (== net8.0) (== net9.0) (&& (== netstandard2.0) (>= net8.0))
    Ionide.ProjInfo.Sln (0.68) - restriction: || (&& (== net472) (>= net8.0)) (== net8.0) (== net9.0) (&& (== netstandard2.0) (>= net8.0))
    Microsoft.CodeCoverage (17.12) - restriction: || (== net472) (== net8.0) (== net9.0) (&& (== netstandard2.0) (>= net462)) (&& (== netstandard2.0) (>= netcoreapp3.1))
    Microsoft.NET.Test.Sdk (17.9)
      Microsoft.CodeCoverage (>= 17.9) - restriction: || (== net472) (== net8.0) (== net9.0) (&& (== netstandard2.0) (>= net462)) (&& (== netstandard2.0) (>= netcoreapp3.1))
      Microsoft.TestPlatform.TestHost (>= 17.9) - restriction: || (&& (== net472) (>= netcoreapp3.1)) (== net8.0) (== net9.0) (&& (== netstandard2.0) (>= netcoreapp3.1))
    Microsoft.NETCore.Platforms (7.0.4) - restriction: || (&& (== net472) (< net35)) (&& (== net472) (>= netcoreapp2.0)) (&& (== net472) (< netstandard1.0) (>= win8)) (&& (== net472) (< netstandard1.3) (>= wpa81)) (&& (== net472) (< netstandard1.5) (>= uap10.0)) (&& (== net472) (>= uap10.1)) (&& (== net472) (>= wp8)) (== net8.0) (== net9.0) (== netstandard2.0)
    Microsoft.TestPlatform.ObjectModel (17.12) - restriction: || (&& (== net472) (>= netcoreapp3.1)) (== net8.0) (== net9.0) (&& (== netstandard2.0) (>= netcoreapp3.1))
      System.Reflection.Metadata (>= 1.6)
    Microsoft.TestPlatform.TestHost (17.12) - restriction: || (&& (== net472) (>= netcoreapp3.1)) (== net8.0) (== net9.0) (&& (== netstandard2.0) (>= netcoreapp3.1))
      Microsoft.TestPlatform.ObjectModel (>= 17.12) - restriction: || (&& (== net472) (>= netcoreapp3.1)) (== net8.0) (== net9.0) (&& (== netstandard2.0) (>= netcoreapp3.1))
      Newtonsoft.Json (>= 13.0.1) - restriction: || (&& (== net472) (>= netcoreapp3.1)) (== net8.0) (== net9.0) (&& (== netstandard2.0) (>= netcoreapp3.1))
    NETStandard.Library (2.0.3) - restriction: || (&& (== net472) (< net35)) (&& (== net472) (< net40)) (== net8.0) (== net9.0) (== netstandard2.0)
      Microsoft.NETCore.Platforms (>= 1.1)
    Newtonsoft.Json (13.0.3) - restriction: || (&& (== net472) (>= netcoreapp3.1)) (== net8.0) (== net9.0) (&& (== netstandard2.0) (>= netcoreapp3.1))
    NUnit (3.14)
      NETStandard.Library (>= 2.0) - restriction: || (&& (== net472) (< net35)) (== net8.0) (== net9.0) (== netstandard2.0)
    NUnit3TestAdapter (4.5)
    SemanticVersioning (3.0) - restriction: || (&& (== net472) (>= net8.0)) (== net8.0) (== net9.0) (&& (== netstandard2.0) (>= net8.0))
    System.Buffers (4.6)
    System.Collections.Immutable (9.0.1)
      System.Memory (>= 4.5.5) - restriction: || (== net472) (&& (== net8.0) (>= net462)) (&& (== net9.0) (>= net462)) (&& (== net9.0) (< net8.0)) (== netstandard2.0)
      System.Runtime.CompilerServices.Unsafe (>= 6.0) - restriction: || (== net472) (&& (== net8.0) (>= net462)) (&& (== net9.0) (>= net462)) (&& (== net9.0) (< net8.0)) (== netstandard2.0)
    System.Diagnostics.DiagnosticSource (9.0.1)
      System.Memory (>= 4.5.5) - restriction: || (== net472) (&& (== net8.0) (>= net462)) (&& (== net9.0) (>= net462)) (&& (== net9.0) (< net8.0)) (== netstandard2.0)
      System.Runtime.CompilerServices.Unsafe (>= 6.0) - restriction: || (== net472) (&& (== net8.0) (>= net462)) (&& (== net9.0) (>= net462)) (&& (== net9.0) (< net8.0)) (== netstandard2.0)
    System.Memory (4.6)
      System.Buffers (>= 4.6) - restriction: || (== net472) (&& (== net8.0) (>= net462)) (&& (== net8.0) (< netcoreapp2.1)) (&& (== net9.0) (>= net462)) (&& (== net9.0) (< netcoreapp2.1)) (== netstandard2.0)
      System.Numerics.Vectors (>= 4.6) - restriction: || (== net472) (&& (== net8.0) (>= net462)) (&& (== net8.0) (< netcoreapp2.1)) (&& (== net9.0) (>= net462)) (&& (== net9.0) (< netcoreapp2.1)) (== netstandard2.0)
      System.Runtime.CompilerServices.Unsafe (>= 6.1) - restriction: || (== net472) (&& (== net8.0) (>= net462)) (&& (== net8.0) (< netcoreapp2.1)) (&& (== net9.0) (>= net462)) (&& (== net9.0) (< netcoreapp2.1)) (== netstandard2.0)
    System.Numerics.Vectors (4.6) - restriction: || (== net472) (&& (== net8.0) (>= net462)) (&& (== net8.0) (< netcoreapp2.1)) (&& (== net9.0) (>= net462)) (&& (== net9.0) (< netcoreapp2.1)) (== netstandard2.0)
    System.Reflection.Emit (4.7)
      System.Reflection.Emit.ILGeneration (>= 4.7) - restriction: || (&& (== net472) (== net8.0)) (&& (== net472) (== net9.0)) (&& (== net472) (< net45)) (&& (== net472) (< netstandard1.1)) (&& (== net472) (< netstandard2.0) (>= wpa81)) (&& (== net472) (>= uap10.1)) (&& (== net8.0) (< netcoreapp2.0) (< netstandard2.1)) (&& (== net8.0) (< netstandard1.1)) (&& (== net8.0) (< netstandard2.0)) (&& (== net8.0) (>= uap10.1)) (&& (== net9.0) (< netcoreapp2.0) (< netstandard2.1)) (&& (== net9.0) (< netstandard1.1)) (&& (== net9.0) (< netstandard2.0)) (&& (== net9.0) (>= uap10.1)) (== netstandard2.0)
    System.Reflection.Emit.ILGeneration (4.7) - restriction: || (&& (== net472) (== net8.0)) (&& (== net472) (== net9.0)) (&& (== net472) (< net45)) (&& (== net472) (< netstandard1.1)) (&& (== net472) (< netstandard2.0) (>= wpa81)) (&& (== net472) (>= uap10.1)) (&& (== net8.0) (< netcoreapp2.0) (< netstandard2.1)) (&& (== net8.0) (< netstandard1.1)) (&& (== net8.0) (< netstandard2.0)) (&& (== net8.0) (>= uap10.1)) (&& (== net9.0) (< netcoreapp2.0) (< netstandard2.1)) (&& (== net9.0) (< netstandard1.1)) (&& (== net9.0) (< netstandard2.0)) (&& (== net9.0) (>= uap10.1)) (== netstandard2.0)
    System.Reflection.Emit.Lightweight (4.7)
      System.Reflection.Emit.ILGeneration (>= 4.7) - restriction: || (&& (== net472) (== net8.0)) (&& (== net472) (== net9.0)) (&& (== net472) (< net45)) (&& (== net472) (< netstandard2.0) (>= wpa81)) (&& (== net472) (< portable-net45+wp8)) (&& (== net472) (>= uap10.1)) (&& (== net8.0) (< netcoreapp2.0) (< netstandard2.1)) (&& (== net8.0) (< netstandard2.0)) (&& (== net8.0) (< portable-net45+wp8)) (&& (== net8.0) (>= uap10.1)) (&& (== net9.0) (< netcoreapp2.0) (< netstandard2.1)) (&& (== net9.0) (< netstandard2.0)) (&& (== net9.0) (< portable-net45+wp8)) (&& (== net9.0) (>= uap10.1)) (== netstandard2.0)
    System.Reflection.Metadata (9.0.1)
      System.Collections.Immutable (>= 9.0.1) - restriction: || (== net472) (== net8.0) (&& (== net9.0) (>= net462)) (&& (== net9.0) (< net8.0)) (== netstandard2.0)
      System.Memory (>= 4.5.5) - restriction: || (== net472) (&& (== net8.0) (>= net462)) (&& (== net9.0) (>= net462)) (&& (== net9.0) (< net8.0)) (== netstandard2.0)
    System.Runtime.CompilerServices.Unsafe (6.1)

GROUP Net8
STORAGE: NONE
CONDITION: NET8_0
RESTRICTION: == net8.0
NUGET
  remote: https://api.nuget.org/v3/index.json
    Microsoft.Bcl.Cryptography (9.0.1)
      System.Formats.Asn1 (>= 9.0.1)
    Microsoft.Build (17.11.4)
      Microsoft.Build.Framework (>= 17.11.4)
      Microsoft.NET.StringTools (>= 17.11.4)
      System.Collections.Immutable (>= 8.0)
      System.Configuration.ConfigurationManager (>= 8.0)
      System.Reflection.Metadata (>= 8.0)
      System.Reflection.MetadataLoadContext (>= 8.0)
    Microsoft.Build.Framework (17.11.4)
    Microsoft.Build.Tasks.Core (17.11.4)
      Microsoft.Build.Framework (>= 17.11.4)
      Microsoft.Build.Utilities.Core (>= 17.11.4)
      Microsoft.NET.StringTools (>= 17.11.4)
      System.CodeDom (>= 8.0)
      System.Collections.Immutable (>= 8.0)
      System.Configuration.ConfigurationManager (>= 8.0)
      System.Resources.Extensions (>= 8.0)
      System.Security.Cryptography.Pkcs (>= 8.0)
      System.Security.Cryptography.Xml (>= 8.0)
    Microsoft.Build.Utilities.Core (17.11.4)
      Microsoft.Build.Framework (>= 17.11.4)
      Microsoft.NET.StringTools (>= 17.11.4)
      System.Collections.Immutable (>= 8.0)
      System.Configuration.ConfigurationManager (>= 8.0)
    Microsoft.NET.StringTools (17.12.6)
      System.Memory (>= 4.5.5)
      System.Runtime.CompilerServices.Unsafe (>= 6.0)
    System.CodeDom (9.0.1)
    System.Collections.Immutable (9.0.1)
    System.Configuration.ConfigurationManager (9.0.1)
      System.Diagnostics.EventLog (>= 9.0.1)
      System.Security.Cryptography.ProtectedData (>= 9.0.1)
    System.Diagnostics.EventLog (9.0.1)
    System.Formats.Asn1 (9.0.1)
    System.Formats.Nrbf (9.0.1)
      System.Reflection.Metadata (>= 9.0.1)
    System.Memory (4.6)
    System.Reflection.Metadata (9.0.1)
      System.Collections.Immutable (>= 9.0.1)
    System.Reflection.MetadataLoadContext (9.0.1)
      System.Collections.Immutable (>= 9.0.1)
      System.Reflection.Metadata (>= 9.0.1)
    System.Resources.Extensions (9.0.1)
      System.Formats.Nrbf (>= 9.0.1)
    System.Runtime.CompilerServices.Unsafe (6.1)
    System.Security.Cryptography.Pkcs (9.0.1)
      Microsoft.Bcl.Cryptography (>= 9.0.1)
      System.Formats.Asn1 (>= 9.0.1)
    System.Security.Cryptography.ProtectedData (9.0.1)
    System.Security.Cryptography.Xml (9.0.1)
      Microsoft.Bcl.Cryptography (>= 9.0.1)
      System.Security.Cryptography.Pkcs (>= 9.0.1)

GROUP Net9
STORAGE: NONE
CONDITION: NET9_0
RESTRICTION: == net9.0
NUGET
  remote: https://api.nuget.org/v3/index.json
    Microsoft.Build (17.12.6)
      Microsoft.Build.Framework (>= 17.12.6)
      Microsoft.NET.StringTools (>= 17.12.6)
      System.Collections.Immutable (>= 8.0)
      System.Configuration.ConfigurationManager (>= 8.0)
      System.Reflection.Metadata (>= 8.0)
      System.Reflection.MetadataLoadContext (>= 8.0)
    Microsoft.Build.Framework (17.12.6)
    Microsoft.Build.Tasks.Core (17.12.6)
      Microsoft.Build.Framework (>= 17.12.6)
      Microsoft.Build.Utilities.Core (>= 17.12.6)
      Microsoft.NET.StringTools (>= 17.12.6)
      System.CodeDom (>= 8.0)
      System.Collections.Immutable (>= 8.0)
      System.Configuration.ConfigurationManager (>= 8.0)
      System.Formats.Asn1 (>= 8.0.1)
      System.Resources.Extensions (>= 8.0)
      System.Security.Cryptography.Pkcs (>= 8.0)
      System.Security.Cryptography.Xml (>= 8.0)
    Microsoft.Build.Utilities.Core (17.12.6)
      Microsoft.Build.Framework (>= 17.12.6)
      Microsoft.NET.StringTools (>= 17.12.6)
      System.Collections.Immutable (>= 8.0)
      System.Configuration.ConfigurationManager (>= 8.0)
    Microsoft.NET.StringTools (17.12.6)
    System.CodeDom (9.0.1)
    System.Collections.Immutable (9.0.1)
    System.Configuration.ConfigurationManager (9.0.1)
      System.Diagnostics.EventLog (>= 9.0.1)
      System.Security.Cryptography.ProtectedData (>= 9.0.1)
    System.Diagnostics.EventLog (9.0.1)
    System.Formats.Asn1 (9.0.1)
    System.Formats.Nrbf (9.0.1)
    System.Reflection.Metadata (9.0.1)
    System.Reflection.MetadataLoadContext (9.0.1)
    System.Resources.Extensions (9.0.1)
      System.Formats.Nrbf (>= 9.0.1)
    System.Security.Cryptography.Pkcs (9.0.1)
    System.Security.Cryptography.ProtectedData (9.0.1)
    System.Security.Cryptography.Xml (9.0.1)
      System.Security.Cryptography.Pkcs (>= 9.0.1)
